PATH
  remote: .
  specs:
    Tic_Tac_toe (0.2.3)

GEM
  remote: https://rubygems.org/
  specs:
    rake (10.5.0)

PLATFORMS
  ruby '2.5.1'

DEPENDENCIES
  Tic_Tac_toe!
  bundler (~> 1.16)
  rake (~> 10.0)

BUNDLED WITH
   1.16.2
